GEM
  remote: https://rubygems.org/
  specs:
    require_all (1.4.0)

PLATFORMS
  ruby

DEPENDENCIES
  require_all

BUNDLED WITH
   1.13.6
